NUGET
  remote: https://nuget.org/api/v2
  specs:
    FSharpx.Core (1.8.41)
    FsPickler (0.8.6.2)
    NUnit (2.6.3)
    NUnit.Runners (2.6.4)
